GIT
  remote: git@github.com:OSC/ood_appkit.git
  revision: 779ff1caafdbfc40ce22a8aab3320461d22ff351
  branch: global-config
  specs:
    ood_appkit (0.2.6)
      addressable (~> 2.4)
      lograge (~> 0.3)
      ood_cluster (~> 0.0)
      ood_reservations (~> 0.0)
      ood_support (~> 0.0)
      rails (~> 4.0, >= 4.0.7)
      redcarpet (~> 3.2)

GIT
  remote: https://github.com/OSC/ood_cluster.git
  revision: c1fd2b2d12a24df522d2b6360c80c51e92c73ca6
  specs:
    ood_cluster (0.0.1)
      addressable (~> 2.4)
      nokogiri (~> 1.6)
      pbs (~> 2.0, >= 2.0.1)

GIT
  remote: https://github.com/OSC/ood_reservations.git
  revision: 767a4e3db6596ae3fdf64c9c4108ae1e678a5edb
  specs:
    ood_reservations (0.0.1)
      ood_cluster (~> 0.0)
      ood_support (~> 0.0)

GEM
  remote: https://rubygems.org/
  specs:
    actionmailer (4.0.13)
      actionpack (= 4.0.13)
      mail (~> 2.5, >= 2.5.4)
    actionpack (4.0.13)
      activesupport (= 4.0.13)
      builder (~> 3.1.0)
      erubis (~> 2.7.0)
      rack (~> 1.5.2)
      rack-test (~> 0.6.2)
    activemodel (4.0.13)
      activesupport (= 4.0.13)
      builder (~> 3.1.0)
    activerecord (4.0.13)
      activemodel (= 4.0.13)
      activerecord-deprecated_finders (~> 1.0.2)
      activesupport (= 4.0.13)
      arel (~> 4.0.0)
    activerecord-deprecated_finders (1.0.4)
    activesupport (4.0.13)
      i18n (~> 0.6, >= 0.6.9)
      minitest (~> 4.2)
      multi_json (~> 1.3)
      thread_safe (~> 0.1)
      tzinfo (~> 0.3.37)
    addressable (2.4.0)
    arel (4.0.2)
    autoprefixer-rails (6.3.4)
      execjs
    bootstrap-sass (3.3.5)
      autoprefixer-rails (>= 5.0.0.1)
      sass (>= 3.2.19)
    browser (2.1.0)
    builder (3.1.4)
    coffee-rails (4.0.1)
      coffee-script (>= 2.2.0)
      railties (>= 4.0.0, < 5.0)
    coffee-script (2.4.1)
      coffee-script-source
      execjs
    coffee-script-source (1.10.0)
    concurrent-ruby (1.0.2)
    dotenv (2.0.2)
    dotenv-rails (2.0.2)
      dotenv (= 2.0.2)
      railties (~> 4.0)
    erubis (2.7.0)
    execjs (2.6.0)
    ffi (1.9.14)
    font-awesome-sass (4.4.0)
      sass (>= 3.2)
    i18n (0.7.0)
    jbuilder (1.5.3)
      activesupport (>= 3.0.0)
      multi_json (>= 1.2.0)
    jquery-rails (3.1.4)
      railties (>= 3.0, < 5.0)
      thor (>= 0.14, < 2.0)
    json (1.8.3)
    lograge (0.4.1)
      actionpack (>= 4, < 5.1)
      activesupport (>= 4, < 5.1)
      railties (>= 4, < 5.1)
    mail (2.6.4)
      mime-types (>= 1.16, < 4)
    mime-types (3.1)
      mime-types-data (~> 3.2015)
    mime-types-data (3.2016.0521)
    mini_portile2 (2.1.0)
    minitest (4.7.5)
    multi_json (1.12.1)
    nokogiri (1.6.8)
      mini_portile2 (~> 2.1.0)
      pkg-config (~> 1.1.7)
    ood_support (0.0.1)
    pbs (2.0.2)
      ffi (~> 1.9, >= 1.9.6)
    pkg-config (1.1.7)
    rack (1.5.5)
    rack-test (0.6.3)
      rack (>= 1.0)
    rails (4.0.13)
      actionmailer (= 4.0.13)
      actionpack (= 4.0.13)
      activerecord (= 4.0.13)
      activesupport (= 4.0.13)
      bundler (>= 1.3.0, < 2.0)
      railties (= 4.0.13)
      sprockets-rails (~> 2.0)
    rails_12factor (0.0.3)
      rails_serve_static_assets
      rails_stdout_logging
    rails_serve_static_assets (0.0.5)
    rails_stdout_logging (0.0.4)
    railties (4.0.13)
      actionpack (= 4.0.13)
      activesupport (= 4.0.13)
      rake (>= 0.8.7)
      thor (>= 0.18.1, < 2.0)
    rake (11.2.2)
    rdoc (4.2.2)
      json (~> 1.4)
    redcarpet (3.2.3)
    sass (3.4.21)
    sass-rails (5.0.4)
      railties (>= 4.0.0, < 5.0)
      sass (~> 3.1)
      sprockets (>= 2.8, < 4.0)
      sprockets-rails (>= 2.0, < 4.0)
      tilt (>= 1.1, < 3)
    sdoc (0.4.1)
      json (~> 1.7, >= 1.7.7)
      rdoc (~> 4.0)
    sprockets (3.7.0)
      concurrent-ruby (~> 1.0)
      rack (> 1, < 3)
    sprockets-rails (2.3.3)
      actionpack (>= 3.0)
      activesupport (>= 3.0)
      sprockets (>= 2.8, < 4.0)
    thor (0.19.1)
    thread_safe (0.3.5)
    tilt (2.0.5)
    tzinfo (0.3.51)
    uglifier (2.7.2)
      execjs (>= 0.3.0)
      json (>= 1.8.0)

PLATFORMS
  ruby

DEPENDENCIES
  addressable (~> 2.4)
  autoprefixer-rails
  bootstrap-sass (= 3.3.5)
  browser (~> 2.1)
  coffee-rails (~> 4.0.0)
  dotenv-rails (~> 2.0.0)
  font-awesome-sass (~> 4.4.0)
  jbuilder (~> 1.2)
  jquery-rails
  ood_appkit!
  ood_cluster!
  ood_reservations!
  ood_support (~> 0.0)
  rails (= 4.0.13)
  rails_12factor
  redcarpet (~> 3.2.2)
  sass-rails (~> 5.0.0)
  sdoc
  uglifier (>= 1.3.0)
